GEM
  remote: http://rubygems.org/
  specs:
    pg (0.14.1)
    sequel (3.43.0)

PLATFORMS
  ruby

DEPENDENCIES
  pg
  sequel
